GEM
  remote: https://rubygems.org/
  specs:
    awesome_print (1.9.2)
    dotenv (2.8.1)
    nokogiri (1.14.2-arm64-darwin)
      racc (~> 1.4)
    pkg-config (1.5.1)
    racc (1.6.2)
    rmagick (5.2.0)
      pkg-config (~> 1.4)

PLATFORMS
  arm64-darwin-22

DEPENDENCIES
  awesome_print
  dotenv
  nokogiri
  rmagick

BUNDLED WITH
   2.3.26
