GEM
  remote: https://rubygems.org/
  specs:
    awesome_print (1.8.0)
    dotenv (2.6.0)
    mini_portile2 (2.5.1)
    nokogiri (1.11.4)
      mini_portile2 (~> 2.5.0)
      racc (~> 1.4)
    racc (1.5.2)
    rmagick (2.16.0)

PLATFORMS
  ruby

DEPENDENCIES
  awesome_print
  dotenv
  nokogiri (~> 1.11.4)
  rmagick

BUNDLED WITH
   1.13.6
